GEM
  remote: https://rubygems.org/
  specs:
    addressable (2.8.7)
      public_suffix (>= 2.0.2, < 7.0)
    anthropic (0.3.2)
      event_stream_parser (>= 0.3.0, < 2.0.0)
      faraday (>= 1)
      faraday-multipart (>= 1)
    baran (0.1.12)
    dotenv (3.1.4)
    event_stream_parser (1.0.0)
    faraday (2.12.0)
      faraday-net_http (>= 2.0, < 3.4)
      json
      logger
    faraday-multipart (1.0.4)
      multipart-post (~> 2)
    faraday-net_http (3.3.0)
      net-http
    io-console (0.7.2)
    json (2.7.5)
    json-schema (4.3.1)
      addressable (>= 2.8)
    langchainrb (0.19.0)
      baran (~> 0.1.9)
      json-schema (~> 4)
      matrix
      pragmatic_segmenter (~> 0.3.0)
      zeitwerk (~> 2.5)
    logger (1.6.1)
    matrix (0.4.2)
    multipart-post (2.4.1)
    net-http (0.4.1)
      uri
    pragmatic_segmenter (0.3.24)
    public_suffix (6.0.1)
    reline (0.5.10)
      io-console (~> 0.5)
    ruby-openai (6.3.1)
      event_stream_parser (>= 0.3.0, < 2.0.0)
      faraday (>= 1)
      faraday-multipart (>= 1)
    uri (0.13.1)
    zeitwerk (2.7.1)

PLATFORMS
  arm64-darwin-23
  ruby

DEPENDENCIES
  anthropic (~> 0.3.2)
  dotenv (~> 3.1)
  faraday (~> 2.12)
  langchainrb (~> 0.19.0)
  reline (~> 0.5.10)
  ruby-openai (~> 6.3.0)

BUNDLED WITH
   2.5.17
